GIT
  remote: https://github.com/feelepxyz/test-dep
  revision: 6c0aec605dbb495ae1068d68311def41ca3b13c1
  tag: v1.0.1
  specs:
    test-dep (1.0.1)

GEM
  remote: https://rubygems.org/
  specs:
    business (1.0.0)
    uk_phone_numbers (0.1.0)

PLATFORMS
  ruby

DEPENDENCIES
  business (~> 1.0.0)
  test-dep!
  uk_phone_numbers (~> 0.1.0)

BUNDLED WITH
   1.17.3
