GIT
  remote: https://github.com/feelepxyz/test-dep
  revision: a46555967cf4fa4d434cbab5d21ec7a3872b52ea
  tag: v1.0.2
  specs:
    test-dep (1.0.2)

GEM
  remote: https://rubygems.org/
  specs:
    business (1.0.0)
    uk_phone_numbers (0.1.0)

PLATFORMS
  ruby

DEPENDENCIES
  business (~> 1.0.0)
  test-dep!
  uk_phone_numbers (~> 0.1.0)

BUNDLED WITH
   1.17.3
